GEM
  remote: http://rubygems.org/
  specs:
    addressable (2.2.6)
    backports (2.3.0)
    daemons (1.1.8)
    em-http-request (1.0.0)
      addressable (>= 2.2.3)
      em-socksify
      eventmachine (>= 1.0.0.beta.3)
      http_parser.rb (>= 0.5.2)
    em-resolv-replace (1.1.2)
    em-socksify (0.1.0)
      eventmachine
    em-synchrony (1.0.0)
      eventmachine (>= 1.0.0.beta.1)
    eventmachine (1.0.0.beta.3)
    http_parser.rb (0.5.3)
    image_size (1.0.6)
    rack (1.4.1)
    rack-fiber_pool (0.9.2)
    rack-protection (1.2.0)
      rack
    rack-test (0.6.1)
      rack (>= 1.0)
    rmagick (2.13.1)
    sinatra (1.3.2)
      rack (~> 1.3, >= 1.3.6)
      rack-protection (~> 1.2)
      tilt (~> 1.3, >= 1.3.3)
    sinatra-contrib (1.3.1)
      backports (>= 2.0)
      eventmachine
      rack-protection
      rack-test
      sinatra (~> 1.3.0)
      tilt (~> 1.3)
    sinatra-synchrony (0.3.0)
      em-http-request (= 1.0.0)
      em-resolv-replace (>= 1.1.1)
      em-synchrony (= 1.0.0)
      eventmachine (= 1.0.0.beta.3)
      rack-fiber_pool (= 0.9.2)
      sinatra (>= 1.0)
    thin (1.3.1)
      daemons (>= 1.0.9)
      eventmachine (>= 0.12.6)
      rack (>= 1.0.0)
    tilt (1.3.3)

PLATFORMS
  ruby

DEPENDENCIES
  image_size
  rack-test
  rmagick
  sinatra-contrib
  sinatra-synchrony
  thin
